GIT
  remote: https://github.com/wmhobbes/joint.git
  revision: cbfe32e5918326fe142169157173629e5afb090d
  specs:
    joint (0.6.0)
      mime-types
      mongo_mapper (~> 0.9.0)
      wand (~> 0.4)

GEM
  remote: http://rubygems.org/
  specs:
    activemodel (3.0.5)
      activesupport (= 3.0.5)
      builder (~> 2.1.2)
      i18n (~> 0.4)
    activesupport (3.0.5)
    akephalos (0.2.5)
      capybara (~> 0.4.0)
      jruby-jars
    artifice (0.6)
      rack-test
    bcrypt-ruby (2.1.4)
    bson (1.3.1)
    bson_ext (1.3.1)
    builder (2.1.2)
    capybara (0.4.1.2)
      celerity (>= 0.7.9)
      culerity (>= 0.2.4)
      mime-types (>= 1.16)
      nokogiri (>= 1.3.3)
      rack (>= 1.0.0)
      rack-test (>= 0.5.4)
      selenium-webdriver (>= 0.0.27)
      xpath (~> 0.1.3)
    celerity (0.8.9)
    childprocess (0.1.9)
      ffi (~> 1.0.6)
    coderay (0.9.8)
    culerity (0.2.15)
    diff-lcs (1.1.3)
    ffi (1.0.9)
    grit (2.5.0)
      diff-lcs (~> 1.1)
      mime-types (~> 1.15)
      posix-spawn (~> 0.3.6)
    haml (3.1.1)
    http_router (0.7.10)
      rack (>= 1.0.0)
      url_mount (~> 0.2.1)
    i18n (0.6.1)
    jruby-jars (1.6.2)
    json (1.5.1)
    json_pure (1.5.1)
    mail (2.5.3)
      i18n (>= 0.4.0)
      mime-types (~> 1.16)
      treetop (~> 1.4.8)
    method_source (0.6.0)
      ruby_parser (>= 2.0.5)
    mime-types (1.16)
    miniconf (0.0.1)
      json (>= 1.2.0)
    mongo (1.3.1)
      bson (>= 1.3.1)
    mongo_mapper (0.9.1)
      activemodel (~> 3.0)
      activesupport (~> 3.0)
      plucky (~> 0.3.8)
    nokogiri (1.4.4)
    padrino (0.9.29)
      padrino-admin (= 0.9.29)
      padrino-cache (= 0.9.29)
      padrino-core (= 0.9.29)
      padrino-gen (= 0.9.29)
      padrino-helpers (= 0.9.29)
      padrino-mailer (= 0.9.29)
    padrino-admin (0.9.29)
      padrino-core (= 0.9.29)
      padrino-helpers (= 0.9.29)
    padrino-cache (0.9.29)
      padrino-core (= 0.9.29)
    padrino-core (0.9.29)
      activesupport (>= 3.0.0)
      http_router (~> 0.7.8)
      sinatra (~> 1.2.6)
      thor (>= 0.14.3)
      tilt (~> 1.3.0)
    padrino-gen (0.9.29)
      bundler (>= 1.0.2)
      grit
      padrino-core (= 0.9.29)
    padrino-helpers (0.9.29)
      i18n (>= 0.4.1)
      padrino-core (= 0.9.29)
    padrino-mailer (0.9.29)
      mail (>= 2.2.0)
      padrino-core (= 0.9.29)
    plucky (0.3.8)
      mongo (~> 1.3)
    polyglot (0.3.3)
    posix-spawn (0.3.6)
    pry (0.9.3)
      coderay (>= 0.9.8)
      method_source (>= 0.6.0)
      ruby_parser (>= 2.0.5)
      slop (~> 1.9.0)
    puma (1.6.3)
      rack (~> 1.2)
    rack (1.5.1)
    rack-fiber_pool (0.9.1)
    rack-flash (0.1.1)
      rack
    rack-test (0.6.0)
      rack (>= 1.0)
    rake (0.9.2)
    right_aws (2.1.0)
      right_http_connection (>= 1.2.5)
    right_http_connection (1.3.0)
    rspec (2.6.0)
      rspec-core (~> 2.6.0)
      rspec-expectations (~> 2.6.0)
      rspec-mocks (~> 2.6.0)
    rspec-core (2.6.3)
    rspec-expectations (2.6.0)
      diff-lcs (~> 1.1.2)
    rspec-mocks (2.6.0)
    ruby_parser (2.2.0)
      sexp_processor (~> 3.0)
    rubyzip (0.9.4)
    safe_shell (1.0.1)
    selenium-webdriver (0.2.1)
      childprocess (>= 0.1.7)
      ffi (>= 1.0.7)
      json_pure
      rubyzip
    sexp_processor (3.0.6)
    sinatra (1.2.8)
      rack (~> 1.1)
      tilt (>= 1.2.2, < 2.0)
    slop (1.9.1)
    thor (0.17.0)
    tilt (1.3.3)
    treetop (1.4.12)
      polyglot
      polyglot (>= 0.3.1)
    url_mount (0.2.1)
      rack
    wand (0.4)
      mime-types
      safe_shell (~> 1.0.0)
    xml-simple (1.0.16)
    xpath (0.1.4)
      nokogiri (~> 1.3)

PLATFORMS
  ruby

DEPENDENCIES
  akephalos
  artifice
  bcrypt-ruby
  bson_ext
  builder
  capybara
  haml (~> 3.1)
  joint!
  mime-types (= 1.16)
  miniconf
  mongo_mapper (~> 0.9.1)
  padrino (= 0.9.29)
  plucky
  pry
  puma
  rack-fiber_pool (~> 0.9.1)
  rack-flash
  rake
  right_aws
  right_http_connection
  rspec
  tilt (>= 1.1)
  wand (~> 0.4)
  xml-simple
